GEM
  remote: https://rubygems.org/
  specs:
    json (2.3.0)
    minitest (5.14.0)
    rake (13.0.1)
    titleize (1.4.1)

PLATFORMS
  ruby

DEPENDENCIES
  json (~> 2.3.0)
  minitest (~> 5.14.0)
  rake (~> 13.0.1)
  titleize (~> 1.4.1)

BUNDLED WITH
   2.0.2
